GEM
  specs:
    docile (1.1.0)
    lockfile (2.1.0)
    multi_json (1.8.4)
    rack (1.4.5)
    rack-protection (1.5.1)
      rack
    simplecov (0.8.1)
      docile (~> 1.1.0)
      lockfile (>= 2.1.0)
      multi_json
      simplecov-html (~> 0.8.0)
    simplecov-html (0.8.0)
    sinatra (1.4.4)
      rack (~> 1.4)
      rack-protection (~> 1.4)
      tilt (~> 1.3, >= 1.3.4)
    tilt (1.4.1)

PLATFORMS
  ruby

DEPENDENCIES
  simplecov
  sinatra
